GIT
  remote: https://github.com/lemtzas/redd.git
  revision: c2c1d30d3ea7390aaa9ebcab7f9db82dc68d6b95
  specs:
    redd (0.7.8)
      faraday (~> 0.9.1)
      fastimage (~> 1.6.6)
      hashie (~> 3.4.0)
      multi_json (~> 1.10.1)

GEM
  remote: https://rubygems.org/
  specs:
    addressable (2.4.0)
    amq-protocol (2.0.1)
    andand (1.3.3)
    bunny (2.5.1)
      amq-protocol (>= 2.0.1)
    coderay (1.1.1)
    faraday (0.9.2)
      multipart-post (>= 1.2, < 3)
    fastimage (1.6.8)
      addressable (~> 2.3, >= 2.3.5)
    hashie (3.4.4)
    htmlentities (4.3.4)
    method_source (0.8.2)
    multi_json (1.10.1)
    multipart-post (2.0.0)
    pry (0.10.4)
      coderay (~> 1.1.0)
      method_source (~> 0.8.1)
      slop (~> 3.4)
    redis (3.3.1)
    slop (3.6.0)

PLATFORMS
  ruby

DEPENDENCIES
  andand
  bunny (~> 2.3)
  htmlentities
  pry
  redd!
  redis (~> 3.2)

BUNDLED WITH
   1.12.5
